GEM
  specs:
    wkhtmltopdf (0.1.2)

PLATFORMS
  ruby

DEPENDENCIES
  wkhtmltopdf
